PATH
  remote: c_atomics
  specs:
    c_atomics (0.1.0)

GEM
  remote: https://rubygems.org/
  specs:

PLATFORMS
  arm64-darwin-24
  ruby

DEPENDENCIES
  c_atomics!

BUNDLED WITH
   2.6.2
